GEM
  remote: https://rubygems.org/
  specs:
    async (1.27.0)
      console (~> 1.10)
      nio4r (~> 2.3)
      timers (~> 4.1)
    async-http (0.52.5)
      async (~> 1.25)
      async-io (~> 1.28)
      async-pool (~> 0.2)
      protocol-http (~> 0.20.0)
      protocol-http1 (~> 0.13.0)
      protocol-http2 (~> 0.14.0)
    async-io (1.30.1)
      async (~> 1.14)
    async-pool (0.3.3)
      async (~> 1.25)
    coderay (1.1.3)
    console (1.10.1)
      fiber-local
    dotenv (2.7.6)
    fiber-local (1.0.0)
    httparty (0.18.1)
      mime-types (~> 3.0)
      multi_xml (>= 0.5.2)
    ipaddress (0.8.3)
    method_source (1.0.0)
    mime-types (3.3.1)
      mime-types-data (~> 3.2015)
    mime-types-data (3.2020.1104)
    multi_xml (0.6.0)
    nio4r (2.5.4)
    protocol-hpack (1.4.2)
    protocol-http (0.20.1)
    protocol-http1 (0.13.2)
      protocol-http (~> 0.19)
    protocol-http2 (0.14.1)
      protocol-hpack (~> 1.4)
      protocol-http (~> 0.18)
    pry (0.13.1)
      coderay (~> 1.1)
      method_source (~> 1.0)
    rake (12.3.3)
    shodanz (2.0.4)
      async (>= 1.17.1, < 1.28.0)
      async-http (>= 0.38.1, < 0.53.0)
    timers (4.3.2)

PLATFORMS
  ruby

DEPENDENCIES
  dotenv (~> 2.7, >= 2.7.6)
  httparty (~> 0.18.1)
  ipaddress (~> 0.8.3)
  pry (~> 0.13.1)
  rake (~> 12.0)
  shodanz (~> 2.0, >= 2.0.4)

BUNDLED WITH
   2.1.4
